PATH
  remote: .
  specs:
    alexa-skill (0.1.03)
      alexa_skills_ruby (~> 0.0.5)
      nest_thermostat (~> 0.0.4)
      rake (~> 11.2.2)
      sinatra (~> 1.4.7)
      sinatra-contrib (~> 1.4.7)

GEM
  remote: https://rubygems.org/
  specs:
    activesupport (4.2.6)
      i18n (~> 0.7)
      json (~> 1.7, >= 1.7.7)
      minitest (~> 5.1)
      thread_safe (~> 0.3, >= 0.3.4)
      tzinfo (~> 1.1)
    alexa_skills_ruby (0.0.5)
      activesupport (~> 4.2)
      multi_json (~> 1.0)
    backports (3.6.8)
    httparty (0.8.3)
      multi_json (~> 1.0)
      multi_xml
    i18n (0.7.0)
    json (1.8.3)
    minitest (5.9.0)
    multi_json (1.12.1)
    multi_xml (0.5.5)
    nest_thermostat (0.0.4)
      httparty (~> 0.8.3)
    rack (1.6.4)
    rack-protection (1.5.3)
      rack
    rack-test (0.6.3)
      rack (>= 1.0)
    rake (11.2.2)
    sinatra (1.4.7)
      rack (~> 1.5)
      rack-protection (~> 1.4)
      tilt (>= 1.3, < 3)
    sinatra-contrib (1.4.7)
      backports (>= 2.0)
      multi_json
      rack-protection
      rack-test
      sinatra (~> 1.4.0)
      tilt (>= 1.3, < 3)
    thread_safe (0.3.5)
    tilt (2.0.5)
    tzinfo (1.2.2)
      thread_safe (~> 0.1)

PLATFORMS
  ruby

DEPENDENCIES
  alexa-skill!

BUNDLED WITH
   1.12.5
